FRAMEWORK: >= NET452
NUGET
  remote: https://www.nuget.org/api/v2
    FAKE (4.29.2)
    GreenPipes (1.0.6)
    MassTransit (3.5.2)
      GreenPipes (>= 1.0.6)
      NewId (>= 3.0)
      Newtonsoft.Json (>= 9.0.1)
    NewId (3.0)
    Newtonsoft.Json (9.0.1)
    NUnit (3.4.1)
    NUnit.ConsoleRunner (3.4.1)
    NUnit.Extension.NUnitProjectLoader (3.4.1)
    NUnit.Extension.NUnitV2Driver (3.4.1)
    NUnit.Extension.NUnitV2ResultWriter (3.4.1)
    NUnit.Extension.TeamCityEventListener (1.0.1)
    NUnit.Extension.VSProjectLoader (3.4.1)
    NUnit.Runners (3.4.1)
      NUnit.ConsoleRunner (>= 3.4.1)
      NUnit.Extension.NUnitProjectLoader (>= 3.4.1)
      NUnit.Extension.NUnitV2Driver (>= 3.4.1)
      NUnit.Extension.NUnitV2ResultWriter (>= 3.4.1)
      NUnit.Extension.TeamCityEventListener (>= 1.0.1)
      NUnit.Extension.VSProjectLoader (>= 3.4.1)
    RavenDB.Client (3.0.30143)
    RavenDB.Database (3.0.30143)
      RavenDB.Client (3.0.30143)
    RavenDB.Embedded (3.0.30143)
      RavenDB.Database (3.0.30143)
    Shouldly (2.8)
